GEM
  remote: https://rubygems.org/
  specs:
    bourbon (4.2.7)
      sass (~> 3.4)
      thor (~> 0.19)
    neat (1.8.0)
      sass (>= 3.3)
      thor (~> 0.19)
    normalize-scss (6.0.0)
      sass (~> 3.3)
    sass (3.4.22)
    sass-globbing (1.1.5)
      sass (>= 3.1)
    thor (0.19.1)

PLATFORMS
  ruby

DEPENDENCIES
  bourbon
  neat
  normalize-scss
  sass
  sass-globbing

RUBY VERSION
   ruby 2.3.1p112

BUNDLED WITH
   1.13.6
